GEM
  remote: https://gems.ruby-china.com/
  specs:
    Ascii85 (1.0.3)
    addressable (2.8.5)
      public_suffix (>= 2.0.2, < 6.0)
    afm (0.2.2)
    asciidoctor (2.0.20)
    asciidoctor-diagram (2.2.11)
      asciidoctor (>= 1.5.7, < 3.x)
      asciidoctor-diagram-ditaamini (~> 1.0)
      asciidoctor-diagram-plantuml (~> 1.2021)
      rexml
    asciidoctor-diagram-ditaamini (1.0.3)
    asciidoctor-diagram-plantuml (1.2023.5)
    asciidoctor-pdf (1.5.0.alpha.14)
      asciidoctor (>= 1.5.0)
      prawn (>= 1.3.0, < 3.0.0)
      prawn-icon (= 1.3.0)
      prawn-svg (>= 0.21.0, < 0.27.0)
      prawn-table (= 0.2.2)
      prawn-templates (= 0.0.3)
      safe_yaml (~> 1.0.4)
      thread_safe (~> 0.3.5)
      treetop (= 1.5.3)
    asciidoctor-pdf-cjk (0.1.3)
      asciidoctor-pdf (~> 1.5.0.alpha.8)
    asciidoctor-pdf-cjk-kai_gen_gothic (0.1.1)
      asciidoctor-pdf-cjk (~> 0.1.2)
    css_parser (1.14.0)
      addressable
    hashery (2.1.2)
    pdf-core (0.9.0)
    pdf-reader (1.4.1)
      Ascii85 (~> 1.0.0)
      afm (~> 0.2.1)
      hashery (~> 2.0)
      ruby-rc4
      ttfunk
    polyglot (0.3.5)
    prawn (2.4.0)
      pdf-core (~> 0.9.0)
      ttfunk (~> 1.7)
    prawn-icon (1.3.0)
      prawn (>= 1.1.0, < 3.0.0)
    prawn-svg (0.26.0)
      css_parser (~> 1.3)
      prawn (>= 0.11.1, < 3)
    prawn-table (0.2.2)
      prawn (>= 1.3.0, < 3.0.0)
    prawn-templates (0.0.3)
      pdf-reader (~> 1.3)
      prawn (>= 0.15.0)
    public_suffix (5.0.3)
    pygments.rb (2.4.0)
    rake (13.0.6)
    rexml (3.2.6)
    ruby-rc4 (0.1.5)
    safe_yaml (1.0.5)
    thread_safe (0.3.6)
    treetop (1.5.3)
      polyglot (~> 0.3)
    ttfunk (1.7.0)

PLATFORMS
  x86_64-linux

DEPENDENCIES
  asciidoctor
  asciidoctor-diagram
  asciidoctor-pdf
  asciidoctor-pdf-cjk
  asciidoctor-pdf-cjk-kai_gen_gothic
  prawn-icon
  pygments.rb
  rake
  ttfunk

BUNDLED WITH
   2.4.13
